GEM
  remote: http://rubygems.org/
  specs:
    diff-lcs (1.1.3)
    ir_b (1.4.0)
    rspec (2.7.0)
      rspec-core (~> 2.7.0)
      rspec-expectations (~> 2.7.0)
      rspec-mocks (~> 2.7.0)
    rspec-core (2.7.1)
    rspec-expectations (2.7.0)
      diff-lcs (~> 1.1.2)
    rspec-mocks (2.7.0)
    watchr (0.7)

PLATFORMS
  ruby

DEPENDENCIES
  ir_b
  rspec
  watchr
